GEM
  remote: https://rubygems.org/
  specs:
    inotify (1.0.2)

PLATFORMS
  ruby

DEPENDENCIES
  inotify

BUNDLED WITH
   1.10.6
